GEM
  remote: https://rubygems.org/
  specs:
    amq-protocol (1.9.2)
    bunny (1.7.0)
      amq-protocol (>= 1.9.2)
    cuba (3.4.0)
      rack
    dotenv (2.0.2)
    fast_secure_compare (1.0.1)
    httparty (0.13.5)
      json (~> 1.8)
      multi_xml (>= 0.5.2)
    json (1.8.3)
    multi_xml (0.5.5)
    puma (2.11.3)
      rack (>= 1.1, < 2.0)
    rack (1.6.4)
    redis (3.2.1)
    shotgun (0.9.1)
      rack (>= 1.0)

PLATFORMS
  ruby

DEPENDENCIES
  bunny
  cuba
  dotenv
  fast_secure_compare
  httparty
  json
  puma
  rack
  redis
  shotgun

BUNDLED WITH
   1.10.1
